GEM
  remote: https://rubygems.org/
  specs:
    ansi (1.4.3)
    coderay (1.0.9)
    httparty (0.10.2)
      multi_json (~> 1.0)
      multi_xml (>= 0.5.2)
    method_source (0.8.1)
    minitest (4.7.0)
    multi_json (1.7.2)
    multi_xml (0.5.3)
    pry (0.9.12)
      coderay (~> 1.0.5)
      method_source (~> 0.8)
      slop (~> 3.4)
    rake (10.0.4)
    slop (3.4.4)
    turn (0.9.6)
      ansi

PLATFORMS
  ruby

DEPENDENCIES
  httparty
  minitest
  pry
  rake
  turn
